PATH
  remote: .
  specs:
    test_right (0.0.1)
      selenium-webdriver (>= 0.2.0)

GEM
  remote: http://rubygems.org/
  specs:
    childprocess (0.1.8)
      ffi (~> 1.0.6)
    ffi (1.0.7)
      rake (>= 0.8.7)
    json_pure (1.5.1)
    rake (0.8.7)
    rubyzip (0.9.4)
    selenium-webdriver (0.2.0)
      childprocess (>= 0.1.7)
      ffi (>= 1.0.7)
      json_pure
      rubyzip

PLATFORMS
  ruby

DEPENDENCIES
  test_right!
